GEM
  remote: https://rubygems.org/
  specs:
    cnpj_utils (1.2.0)
    concurrent-ruby (1.1.8)
    cpf_utils (1.3.1)
    documentos_br (1.1.0)
      cnpj_utils (~> 1.2.0)
      cpf_utils (~> 1.3.0)
      titulo_eleitor_utils (~> 1.1.0)
    faker (2.16.0)
      i18n (>= 1.6, < 2)
    i18n (1.8.9)
      concurrent-ruby (~> 1.0)
    lerolero_generator (1.0.1)
    titulo_eleitor_utils (1.1.0)

PLATFORMS
  x86_64-linux

DEPENDENCIES
  cpf_utils
  documentos_br
  faker
  lerolero_generator

BUNDLED WITH
   2.2.11
